PATH
  remote: .
  specs:
    solargraph (0.47.2)
      backport (~> 1.2)
      benchmark (~> 0.2.0)
      bundler (>= 1.17.3)
      diff-lcs (~> 1.5)
      e2mmap (~> 0.1.0)
      jaro_winkler (~> 1.5, >= 1.5.4)
      kramdown (~> 1.17)
      parser (~> 3.1, >= 3.1.2.1)
      reverse_markdown (~> 2.1, >= 2.1.1)
      rubocop (~> 0.57.2)
      thor (~> 1.2, >= 1.2.1)
      tilt (~> 2.0, >= 2.0.11)
      yard (~> 0.9.26)

GEM
  remote: https://rubygems.org/
  specs:
    addressable (2.8.0)
      public_suffix (>= 2.0.2, < 5.0)
    ast (2.4.2)
    backport (1.2.0)
    benchmark (0.2.0)
    coderay (1.1.3)
    crack (0.4.5)
      rexml
    diff-lcs (1.5.0)
    docile (1.3.5)
    e2mmap (0.1.0)
    hashdiff (1.0.1)
    jaro_winkler (1.5.4)
    json (2.5.1)
    kramdown (1.17.0)
    method_source (1.0.0)
    mini_portile2 (2.4.0)
    nokogiri (1.9.1)
      mini_portile2 (~> 2.4.0)
    parallel (1.13.0)
    parser (3.1.2.1)
      ast (~> 2.4.1)
    powerpack (0.1.3)
    pry (0.14.1)
      coderay (~> 1.1)
      method_source (~> 1.0)
    public_suffix (3.1.1)
    rainbow (3.0.0)
    reverse_markdown (2.1.1)
      nokogiri
    rexml (3.2.5)
    rspec (3.12.0)
      rspec-core (~> 3.12.0)
      rspec-expectations (~> 3.12.0)
      rspec-mocks (~> 3.12.0)
    rspec-core (3.12.0)
      rspec-support (~> 3.12.0)
    rspec-expectations (3.12.0)
      diff-lcs (>= 1.2.0, < 2.0)
      rspec-support (~> 3.12.0)
    rspec-mocks (3.12.0)
      diff-lcs (>= 1.2.0, < 2.0)
      rspec-support (~> 3.12.0)
    rspec-support (3.12.0)
    rubocop (0.57.2)
      jaro_winkler (~> 1.5.1)
      parallel (~> 1.10)
      parser (>= 2.5)
      powerpack (~> 0.1)
      rainbow (>= 2.2.2, < 4.0)
      ruby-progressbar (~> 1.7)
      unicode-display_width (~> 1.0, >= 1.0.1)
    ruby-progressbar (1.11.0)
    simplecov (0.17.1)
      docile (~> 1.1)
      json (>= 1.8, < 3)
      simplecov-html (~> 0.10.0)
    simplecov-html (0.10.2)
    thor (1.2.1)
    tilt (2.0.11)
    unicode-display_width (1.8.0)
    webmock (3.16.2)
      addressable (>= 2.8.0)
      crack (>= 0.3.2)
      hashdiff (>= 0.4.0, < 2.0.0)
    yard (0.9.26)

PLATFORMS
  ruby

DEPENDENCIES
  pry (~> 0.14.1)
  public_suffix (~> 3.1, >= 3.1.1)
  rspec (~> 3.12)
  simplecov (~> 0.17.1)
  solargraph!
  webmock (~> 3.16, >= 3.16.2)

BUNDLED WITH
   1.17.3
